GEM
  specs:
    ssrf_filter (1.1.2)

PLATFORMS
  arm64-darwin-23

DEPENDENCIES
  ssrf_filter (~> 1.1)

BUNDLED WITH
   2.4.10
